GEM
  remote: https://rubygems.org/
  specs:
    json (1.8.1)
    rmagick (2.13.2)

PLATFORMS
  ruby

DEPENDENCIES
  json (~> 1.8.1)
  rmagick (~> 2.13.2)
